GEM
  remote: http://rubygems.org/
  specs:
    addressable (2.3.7)
    faraday (0.9.1)
      multipart-post (>= 1.2, < 3)
    mail (2.6.3)
      mime-types (>= 1.16, < 3)
    mime-types (2.4.3)
    multipart-post (2.0.0)
    octokit (3.8.0)
      sawyer (~> 0.6.0, >= 0.5.3)
    sawyer (0.6.0)
      addressable (~> 2.3.5)
      faraday (~> 0.8, < 0.10)

PLATFORMS
  ruby

DEPENDENCIES
  mail
  octokit
