GEM
  remote: https://rubygems.org/
  specs:
    addressable (2.3.8)
    faraday (0.8.4)
      multipart-post (~> 1.1)
    faraday_middleware (0.9.0)
      faraday (>= 0.7.4, < 0.9)
    hashie (1.2.0)
    mail (2.6.3)
      mime-types (>= 1.16, < 3)
    mime-types (2.4.3)
    multi_json (1.11.1)
    multipart-post (1.2.0)
    octokit (1.19.0)
      addressable (~> 2.2)
      faraday (~> 0.8)
      faraday_middleware (~> 0.9)
      hashie (~> 1.2)
      multi_json (~> 1.3)
    rake (10.3.2)

PLATFORMS
  ruby

DEPENDENCIES
  faraday (= 0.8.4)
  faraday_middleware (= 0.9.0)
  mail
  octokit (= 1.19.0)
  rake (~> 10.3.2)
