GEM
  remote: http://rubygems.org/
  specs:
    addressable (2.3.2)
    faraday (0.8.4)
      multipart-post (~> 1.1)
    faraday_middleware (0.9.0)
      faraday (>= 0.7.4, < 0.9)
    hashie (1.2.0)
    multi_json (1.5.0)
    multipart-post (1.1.5)
    octokit (1.19.0)
      addressable (~> 2.2)
      faraday (~> 0.8)
      faraday_middleware (~> 0.9)
      hashie (~> 1.2)
      multi_json (~> 1.3)

PLATFORMS
  ruby

DEPENDENCIES
  octokit
